{
  "AcquisitionDuration": 449.437,
  "AcquisitionMatrixPE": 160,
  "AcquisitionNumber": 1,
  "AcquisitionTime": "11:05:39.697500",
  "BandwidthPerPixelPhaseEncode": 23.148,
  "BaseResolution": 160,
  "BidsGuess": [
    "func",
    "_acq-epfid2p3m4_dir-AP_run-21_bold"
],
  "BodyPartExamined": "BRAIN",
  "CoilCombinationMethod": "Adaptive Combine",
  "CoilString": "8Tx32Rx_Head_C",
  "ConversionSoftware": "dcm2niix",
  "ConversionSoftwareVersion": "v1.0.20240202",
  "DerivedVendorReportedEchoSpacing": 0.000810005,
  "DeviceSerialNumber": "237203",
  "DwellTime": 2.2e-06,
  "EchoTime": 0.025,
  "EchoTrainLength": 40,
  "EffectiveEchoSpacing": 0.000270002,
  "FlipAngle": 62,
  "FrequencyEncodingSteps": 160,
  "HeudiconvVersion": "1.1.6",
  "ImageOrientationPatientDICOM": [0.995907, 0.0370739, -0.0824264, -0.0584701, 0.959724, -0.274791],
  "ImageType": [
    "ORIGINAL",
    "PRIMARY",
    "FMRI",
    "NONE"
],
  "ImageTypeText": [
    "ORIGINAL",
    "PRIMARY",
    "M",
    "ND"
],
  "ImagingFrequency": 297.214361,
  "InPlanePhaseEncodingDirectionDICOM": "COL",
  "InstitutionAddress": " ,Geneve,,CH,",
  "InstitutionName": "Fondation Campus Biotech",
  "InstitutionalDepartmentName": "MRI Terra X",
  "MRAcquisitionType": "2D",
  "MTState": false,
  "MagneticFieldStrength": 7,
  "Manufacturer": "Siemens",
  "ManufacturersModelName": "MAGNETOM Terra.X",
  "Modality": "MR",
  "MultibandAccelerationFactor": 4,
  "NonlinearGradientCorrection": false,
  "ParallelAcquisitionTechnique": "SMS",
  "ParallelReductionFactorInPlane": 3,
  "PartialFourier": 0.75,
  "PartialFourierDirection": "PHASE",
  "PatientPosition": "HFS",
  "PercentPhaseFOV": 100,
  "PercentSampling": 100,
  "PhaseEncodingDirection": "j-",
  "PhaseEncodingSteps": 160,
  "PhaseResolution": 1,
  "PixelBandwidth": 1420,
  "ProcedureStepDescription": "RESEARCH F.Grouiller",
  "ProtocolName": "func-bold_acq-midRes_task-rest_run-01",
  "PulseSequenceDetails": "%SiemensSeq%\\ep2d_bold",
  "PulseSequenceName": "*epfid2d1_160",
  "ReceiveCoilActiveElements": "AC",
  "ReceiveCoilName": "8Tx32Rx_Head_C",
  "ReconMatrixPE": 160,
  "RefLinesPE": 48,
  "RepetitionTime": 1.5,
  "ScanOptions": "PFP\\FS",
  "ScanningSequence": "EP",
  "SequenceVariant": "SK",
  "SeriesDescription": "func-bold_acq-midRes_task-rest_run-01",
  "SeriesNumber": 21,
  "ShimSetting": [-419, -1455, 606, 372, -236, 633, -149, 109],
  "SliceThickness": 1.4,
  "SliceTiming": [1.125, 0, 0.75, 0.0625, 0.8125, 0.125, 0.875, 0.1875, 0.9375, 0.25, 1, 0.3125, 1.0625, 0.4375, 1.1875, 0.5, 1.25, 0.5625, 1.3125, 0.625, 1.375, 0.6875, 1.4375, 0.375, 1.125, 0, 0.75, 0.0625, 0.8125, 0.125, 0.875, 0.1875, 0.9375, 0.25, 1, 0.3125, 1.0625, 0.4375, 1.1875, 0.5, 1.25, 0.5625, 1.3125, 0.625, 1.375, 0.6875, 1.4375, 0.375, 1.125, 0, 0.75, 0.0625, 0.8125, 0.125, 0.875, 0.1875, 0.9375, 0.25, 1, 0.3125, 1.0625, 0.4375, 1.1875, 0.5, 1.25, 0.5625, 1.3125, 0.625, 1.375, 0.6875, 1.4375, 0.375, 1.125, 0, 0.75, 0.0625, 0.8125, 0.125, 0.875, 0.1875, 0.9375, 0.25, 1, 0.3125, 1.0625, 0.4375, 1.1875, 0.5, 1.25, 0.5625, 1.3125, 0.625, 1.375, 0.6875, 1.4375, 0.375],
  "SoftwareVersions": "syngo MR XA60",
  "SpacingBetweenSlices": 1.4,
  "StationName": "AWP237203",
  "TaskName": "rest",
  "TotalReadoutTime": 0.0429303,
  "TxRefAmp": 250.362}