{
  "AcquisitionDuration": 449.437,
  "AcquisitionMatrixPE": 160,
  "AcquisitionNumber": 1,
  "AcquisitionTime": "10:57:21.247500",
  "B0FieldSource": "gre17",
  "BandwidthPerPixelPhaseEncode": 23.148,
  "BaseResolution": 160,
  "BidsGuess": [
    "func",
    "_acq-epfid2p3m4_dir-AP_run-19_bold"
  ],
  "BodyPartExamined": "BRAIN",
  "CoilCombinationMethod": "Adaptive Combine",
  "CoilString": "8Tx32Rx_Head_C",
  "ConversionSoftware": "dcm2niix",
  "ConversionSoftwareVersion": "v1.0.20240202",
  "DerivedVendorReportedEchoSpacing": 0.000810005,
  "DeviceSerialNumber": "237203",
  "DwellTime": 2.2e-06,
  "EchoTime": 0.025,
  "EchoTrainLength": 40,
  "EffectiveEchoSpacing": 0.000270002,
  "FlipAngle": 62,
  "FrequencyEncodingSteps": 160,
  "HeudiconvVersion": "1.1.6",
  "ImageOrientationPatientDICOM": [
    0.999115,
    -0.0409557,
    0.00953723,
    0.04205,
    0.971159,
    -0.234697
  ],
  "ImageType": [
    "ORIGINAL",
    "PRIMARY",
    "FMRI",
    "NONE"
  ],
  "ImageTypeText": [
    "ORIGINAL",
    "PRIMARY",
    "M",
    "ND"
  ],
  "ImagingFrequency": 297.214191,
  "InPlanePhaseEncodingDirectionDICOM": "COL",
  "InstitutionAddress": " ,Geneve,,CH,",
  "InstitutionName": "Fondation Campus Biotech",
  "InstitutionalDepartmentName": "MRI Terra X",
  "MRAcquisitionType": "2D",
  "MTState": false,
  "MagneticFieldStrength": 7,
  "Manufacturer": "Siemens",
  "ManufacturersModelName": "MAGNETOM Terra.X",
  "Modality": "MR",
  "MultibandAccelerationFactor": 4,
  "NonlinearGradientCorrection": false,
  "ParallelAcquisitionTechnique": "SMS",
  "ParallelReductionFactorInPlane": 3,
  "PartialFourier": 0.75,
  "PartialFourierDirection": "PHASE",
  "PatientPosition": "HFS",
  "PercentPhaseFOV": 100,
  "PercentSampling": 100,
  "PhaseEncodingDirection": "j-",
  "PhaseEncodingSteps": 160,
  "PhaseResolution": 1,
  "PixelBandwidth": 1420,
  "ProcedureStepDescription": "RESEARCH F.Grouiller",
  "ProtocolName": "func-bold_acq-midRes_task-rest_run-01",
  "PulseSequenceDetails": "%SiemensSeq%\\ep2d_bold",
  "PulseSequenceName": "*epfid2d1_160",
  "ReceiveCoilActiveElements": "AC",
  "ReceiveCoilName": "8Tx32Rx_Head_C",
  "ReconMatrixPE": 160,
  "RefLinesPE": 48,
  "RepetitionTime": 1.5,
  "ScanOptions": "PFP\\FS",
  "ScanningSequence": "EP",
  "SequenceVariant": "SK",
  "SeriesDescription": "func-bold_acq-midRes_task-rest_run-01",
  "SeriesNumber": 19,
  "ShimSetting": [
    -376,
    -1552,
    679,
    506,
    -12,
    221,
    -1,
    115
  ],
  "SliceThickness": 1.4,
  "SliceTiming": [
    1.1225,
    0,
    0.7475,
    0.0625,
    0.81,
    0.125,
    0.8725,
    0.1875,
    0.935,
    0.25,
    0.9975,
    0.3125,
    1.06,
    0.435,
    1.185,
    0.4975,
    1.2475,
    0.56,
    1.31,
    0.6225,
    1.3725,
    0.685,
    1.435,
    0.3725,
    1.1225,
    0,
    0.7475,
    0.0625,
    0.81,
    0.125,
    0.8725,
    0.1875,
    0.935,
    0.25,
    0.9975,
    0.3125,
    1.06,
    0.435,
    1.185,
    0.4975,
    1.2475,
    0.56,
    1.31,
    0.6225,
    1.3725,
    0.685,
    1.435,
    0.3725,
    1.1225,
    0,
    0.7475,
    0.0625,
    0.81,
    0.125,
    0.8725,
    0.1875,
    0.935,
    0.25,
    0.9975,
    0.3125,
    1.06,
    0.435,
    1.185,
    0.4975,
    1.2475,
    0.56,
    1.31,
    0.6225,
    1.3725,
    0.685,
    1.435,
    0.3725,
    1.1225,
    0,
    0.7475,
    0.0625,
    0.81,
    0.125,
    0.8725,
    0.1875,
    0.935,
    0.25,
    0.9975,
    0.3125,
    1.06,
    0.435,
    1.185,
    0.4975,
    1.2475,
    0.56,
    1.31,
    0.6225,
    1.3725,
    0.685,
    1.435,
    0.3725
  ],
  "SoftwareVersions": "syngo MR XA60",
  "SpacingBetweenSlices": 1.4,
  "StationName": "AWP237203",
  "TaskName": "rest",
  "TotalReadoutTime": 0.0429303,
  "TxRefAmp": 252.209
}
