{
  "AcquisitionMatrixPE": 272,
  "AcquisitionNumber": 1,
  "AcquisitionTime": "10:15:20.085000",
  "BaseResolution": 288,
  "BidsGuess": [
    "anat",
    "_acq-tfl3p5_run-13_UNIT1"
],
  "BodyPartExamined": "BRAIN",
  "CoilCombinationMethod": "Adaptive Combine",
  "CoilString": "1",
  "ConversionSoftware": "dcm2niix",
  "ConversionSoftwareVersion": "v1.0.20240202",
  "DeviceSerialNumber": "237203",
  "DwellTime": 7.2e-06,
  "EchoTime": 0.00283,
  "FrequencyEncodingSteps": 288,
  "HeudiconvVersion": "1.1.6",
  "ImageComments": "Not for diagnostic use, Uniform Image",
  "ImageOrientationPatientDICOM": [-0.0309389, 0.999517, 0.00296103, 0.0417582, 0.00425243, -0.999119],
  "ImageType": [
    "DERIVED",
    "PRIMARY",
    "T1",
    "UNIFORM"
],
  "ImageTypeText": [
    "DERIVED",
    "PRIMARY",
    "M",
    "UNI",
    "DIS3D",
    "DIS2D"
],
  "ImagingFrequency": 297.214347,
  "InPlanePhaseEncodingDirectionDICOM": "ROW",
  "InstitutionAddress": " ,Geneve,,CH,",
  "InstitutionName": "Fondation Campus Biotech",
  "InstitutionalDepartmentName": "MRI Terra X",
  "MRAcquisitionType": "3D",
  "MTState": false,
  "MagneticFieldStrength": 7,
  "Manufacturer": "Siemens",
  "ManufacturersModelName": "MAGNETOM Terra.X",
  "Modality": "MR",
  "NonlinearGradientCorrection": true,
  "PartialFourier": 1,
  "PatientPosition": "HFS",
  "PercentPhaseFOV": 94.4444,
  "PercentSampling": 100,
  "PhaseEncodingSteps": 272,
  "PhaseEncodingStepsOutOfPlane": 224,
  "PhaseResolution": 1,
  "PixelBandwidth": 241,
  "ProcedureStepDescription": "RESEARCH F.Grouiller",
  "ProtocolName": "anat-mp2rage_run-01",
  "PulseSequenceDetails": "%SiemensSeq%\\tfl",
  "PulseSequenceName": "*tfl3d1rr228ns",
  "RawImage": false,
  "ReceiveCoilActiveElements": "AC",
  "ReceiveCoilName": "8Tx32Rx_Head_C",
  "ReconMatrixPE": 272,
  "RefLinesPE": 32,
  "RepetitionTime": 6,
  "ScanOptions": "IR",
  "ScanningSequence": "GR\\IR",
  "SequenceVariant": "SK\\SP\\MP\\OSP",
  "SeriesDescription": "anat-mp2rage_run-01_UNI_Images",
  "SeriesNumber": 13,
  "ShimSetting": [-385, -1496, 586, 158, -55, -116, -14, 65],
  "SliceThickness": 0.8,
  "SoftwareVersions": "syngo MR XA60",
  "StationName": "AWP237203",
  "TxRefAmp": 233.383}