{
  "AcquisitionDuration": 89.195,
  "AcquisitionMatrixPE": 112,
  "AcquisitionNumber": 1,
  "AcquisitionTime": "10:32:4.222500",
  "BaseResolution": 112,
  "BidsGuess": [
    "fmap",
    "_acq-fm2_magnitude1"
  ],
  "BodyPartExamined": "BRAIN",
  "CoilCombinationMethod": "Sum of Squares",
  "CoilString": "8Tx32Rx_Head_C",
  "ConversionSoftware": "dcm2niix",
  "ConversionSoftwareVersion": "v1.0.20240202",
  "DeviceSerialNumber": "237203",
  "DwellTime": 4.9e-06,
  "EchoNumber": 1,
  "EchoTime": 0.00306,
  "FlipAngle": 25,
  "FrequencyEncodingSteps": 112,
  "HeudiconvVersion": "1.1.6",
  "ImageOrientationPatientDICOM": [
    0.999115,
    -0.0409557,
    0.00953723,
    0.04205,
    0.971159,
    -0.234697
  ],
  "ImageType": [
    "ORIGINAL",
    "PRIMARY",
    "M",
    "NONE"
  ],
  "ImageTypeText": [
    "ORIGINAL",
    "PRIMARY",
    "M",
    "DIS3D",
    "DIS2D"
  ],
  "ImagingFrequency": 297.214199,
  "InPlanePhaseEncodingDirectionDICOM": "COL",
  "InstitutionAddress": " ,Geneve,,CH,",
  "InstitutionName": "Fondation Campus Biotech",
  "InstitutionalDepartmentName": "MRI Terra X",
  "MRAcquisitionType": "2D",
  "MTState": false,
  "MagneticFieldStrength": 7,
  "Manufacturer": "Siemens",
  "ManufacturersModelName": "MAGNETOM Terra.X",
  "MatrixCoilMode": "SENSE",
  "Modality": "MR",
  "NonlinearGradientCorrection": true,
  "PartialFourier": 1,
  "PatientPosition": "HFS",
  "PercentPhaseFOV": 100,
  "PercentSampling": 100,
  "PhaseEncodingDirection": "j-",
  "PhaseEncodingSteps": 112,
  "PhaseResolution": 1,
  "PixelBandwidth": 911,
  "ProcedureStepDescription": "RESEARCH F.Grouiller",
  "ProtocolName": "fmap_acq-siemens_run-01",
  "PulseSequenceDetails": "%SiemensSeq%\\gre_field_mapping",
  "PulseSequenceName": "*fm2d2r",
  "ReceiveCoilActiveElements": "AC",
  "ReceiveCoilName": "8Tx32Rx_Head_C",
  "ReconMatrixPE": 112,
  "RepetitionTime": 0.4,
  "ScanningSequence": "GR",
  "SequenceVariant": "SP",
  "SeriesDescription": "fmap_acq-siemens_run-01",
  "SeriesNumber": 14,
  "ShimSetting": [
    -377,
    -1552,
    666,
    436,
    -21,
    121,
    -16,
    103
  ],
  "SliceThickness": 2.1,
  "SliceTiming": [
    0.2,
    0,
    0.205,
    0.005,
    0.2125,
    0.0125,
    0.2175,
    0.0175,
    0.2225,
    0.0225,
    0.2275,
    0.0275,
    0.235,
    0.035,
    0.24,
    0.04,
    0.245,
    0.045,
    0.2525,
    0.0525,
    0.2575,
    0.0575,
    0.2625,
    0.0625,
    0.2675,
    0.0675,
    0.275,
    0.075,
    0.28,
    0.08,
    0.285,
    0.085,
    0.29,
    0.0925,
    0.2975,
    0.0975,
    0.3025,
    0.1025,
    0.3075,
    0.1075,
    0.315,
    0.115,
    0.32,
    0.12,
    0.325,
    0.125,
    0.33,
    0.1325,
    0.3375,
    0.1375,
    0.3425,
    0.1425,
    0.3475,
    0.1475,
    0.355,
    0.155,
    0.36,
    0.16,
    0.365,
    0.165,
    0.37,
    0.1725,
    0.3775,
    0.1775,
    0.3825,
    0.1825,
    0.3875,
    0.1875,
    0.395,
    0.195
  ],
  "SoftwareVersions": "syngo MR XA60",
  "SpacingBetweenSlices": 2.1,
  "StationName": "AWP237203",
  "TxRefAmp": 252.209
}