{
  "AcquisitionDuration": 297.187,
  "AcquisitionMatrixPE": 288,
  "AcquisitionNumber": 1,
  "AcquisitionTime": "14:39:4.865000",
  "BaseResolution": 288,
  "BidsGuess": [
    "anat",
    "_acq-spcR9p6_run-25_T2w"
],
  "BodyPartExamined": "BRAIN",
  "CoilCombinationMethod": "Adaptive Combine",
  "CoilString": "1",
  "ConversionSoftware": "dcm2niix",
  "ConversionSoftwareVersion": "v1.0.20240202",
  "DeviceSerialNumber": "237203",
  "DwellTime": 3.3e-06,
  "EchoTime": 0.142,
  "EchoTrainLength": 96,
  "FlipAngle": 120,
  "FrequencyEncodingSteps": 288,
  "HeudiconvVersion": "1.1.6",
  "ImageOrientationPatientDICOM": [-0.061727, 0.998077, -0.00567386, 0.0381097, -0.0033237, -0.999268],
  "ImageType": [
    "ORIGINAL",
    "PRIMARY",
    "M",
    "NONE"
],
  "ImageTypeText": [
    "ORIGINAL",
    "PRIMARY",
    "M",
    "DIS3D",
    "DIS2D",
    "NORM"
],
  "ImagingFrequency": 297.21435,
  "InPlanePhaseEncodingDirectionDICOM": "ROW",
  "InstitutionAddress": " ,Geneve,,CH,",
  "InstitutionName": "Fondation Campus Biotech",
  "InstitutionalDepartmentName": "MRI Terra X",
  "MRAcquisitionType": "3D",
  "MTState": false,
  "MagneticFieldStrength": 7,
  "Manufacturer": "Siemens",
  "ManufacturersModelName": "MAGNETOM Terra.X",
  "Modality": "MR",
  "NonlinearGradientCorrection": true,
  "ParallelAcquisitionTechnique": "CAIPIRINHA",
  "ParallelReductionFactorInPlane": 3,
  "ParallelReductionFactorOutOfPlane": 2,
  "PartialFourier": 1,
  "PatientPosition": "HFS",
  "PercentPhaseFOV": 100,
  "PercentSampling": 100,
  "PhaseEncodingDirection": "i",
  "PhaseEncodingSteps": 288,
  "PhaseEncodingStepsOutOfPlane": 208,
  "PhaseResolution": 1,
  "PixelBandwidth": 526,
  "ProcedureStepDescription": "RESEARCH F.Grouiller",
  "ProtocolName": "anat-T2w_acq-p6_run-01",
  "PulseSequenceDetails": "%SiemensSeq%\\space",
  "PulseSequenceName": "*spcR_96ns",
  "ReceiveCoilActiveElements": "AC",
  "ReceiveCoilName": "8Tx32Rx_Head_C",
  "ReconMatrixPE": 288,
  "RefLinesPE": 32,
  "RepetitionTime": 2.65,
  "ScanningSequence": "SE",
  "SequenceVariant": "SK\\SP",
  "SeriesDescription": "anat-T2w_acq-p6_run-01",
  "SeriesNumber": 25,
  "ShimSetting": [-426, -1526, 585, 156, -47, -212, 85, -4],
  "SliceThickness": 0.8,
  "SoftwareVersions": "syngo MR XA60",
  "SpoilingState": true,
  "StationName": "AWP237203",
  "TxRefAmp": 269.182,
  "VariableFlipAngleFlag": true
}