{
  "AcquisitionDuration": 89.192,
  "AcquisitionMatrixPE": 112,
  "AcquisitionNumber": 1,
  "AcquisitionTime": "14:20:23.285000",
  "BaseResolution": 112,
  "BidsGuess": [
    "fmap",
    "_acq-fm2_magnitude1"
  ],
  "BodyPartExamined": "BRAIN",
  "CoilCombinationMethod": "Sum of Squares",
  "CoilString": "8Tx32Rx_Head_C",
  "ConversionSoftware": "dcm2niix",
  "ConversionSoftwareVersion": "v1.0.20240202",
  "DeviceSerialNumber": "237203",
  "DwellTime": 4.9e-06,
  "EchoNumber": 1,
  "EchoTime": 0.00306,
  "FlipAngle": 25,
  "FrequencyEncodingSteps": 112,
  "HeudiconvVersion": "1.1.6",
  "ImageOrientationPatientDICOM": [
    0.996897,
    0.0786512,
    -0.00326201,
    -0.076182,
    0.953507,
    -0.291583
  ],
  "ImageType": [
    "ORIGINAL",
    "PRIMARY",
    "M",
    "NONE"
  ],
  "ImageTypeText": [
    "ORIGINAL",
    "PRIMARY",
    "M",
    "DIS3D",
    "DIS2D"
  ],
  "ImagingFrequency": 297.214227,
  "InPlanePhaseEncodingDirectionDICOM": "COL",
  "InstitutionAddress": " ,Geneve,,CH,",
  "InstitutionName": "Fondation Campus Biotech",
  "InstitutionalDepartmentName": "MRI Terra X",
  "MRAcquisitionType": "2D",
  "MTState": false,
  "MagneticFieldStrength": 7,
  "Manufacturer": "Siemens",
  "ManufacturersModelName": "MAGNETOM Terra.X",
  "MatrixCoilMode": "SENSE",
  "Modality": "MR",
  "NonlinearGradientCorrection": true,
  "PartialFourier": 1,
  "PatientPosition": "HFS",
  "PercentPhaseFOV": 100,
  "PercentSampling": 100,
  "PhaseEncodingDirection": "j-",
  "PhaseEncodingSteps": 112,
  "PhaseResolution": 1,
  "PixelBandwidth": 911,
  "ProcedureStepDescription": "RESEARCH F.Grouiller",
  "ProtocolName": "fmap_acq-siemens_run-01",
  "PulseSequenceDetails": "%SiemensSeq%\\gre_field_mapping",
  "PulseSequenceName": "*fm2d2r",
  "ReceiveCoilActiveElements": "AC",
  "ReceiveCoilName": "8Tx32Rx_Head_C",
  "ReconMatrixPE": 112,
  "RepetitionTime": 0.4,
  "ScanningSequence": "GR",
  "SequenceVariant": "SP",
  "SeriesDescription": "fmap_acq-siemens_run-01",
  "SeriesNumber": 19,
  "ShimSetting": [
    -420,
    -1475,
    635,
    421,
    -24,
    327,
    13,
    -2
  ],
  "SliceThickness": 2.1,
  "SliceTiming": [
    0.2,
    0,
    0.205,
    0.005,
    0.21,
    0.01,
    0.215,
    0.015,
    0.2225,
    0.0225,
    0.2275,
    0.0275,
    0.2325,
    0.0325,
    0.24,
    0.04,
    0.245,
    0.045,
    0.25,
    0.05,
    0.255,
    0.055,
    0.2625,
    0.0625,
    0.2675,
    0.0675,
    0.2725,
    0.0725,
    0.28,
    0.08,
    0.285,
    0.085,
    0.29,
    0.09,
    0.295,
    0.095,
    0.3025,
    0.1025,
    0.3075,
    0.1075,
    0.3125,
    0.1125,
    0.3175,
    0.12,
    0.325,
    0.125,
    0.33,
    0.13,
    0.335,
    0.135,
    0.3425,
    0.1425,
    0.3475,
    0.1475,
    0.3525,
    0.1525,
    0.3575,
    0.16,
    0.365,
    0.165,
    0.37,
    0.17,
    0.375,
    0.175,
    0.3825,
    0.1825,
    0.3875,
    0.1875,
    0.3925,
    0.1925
  ],
  "SoftwareVersions": "syngo MR XA60",
  "SpacingBetweenSlices": 2.1,
  "StationName": "AWP237203",
  "TxRefAmp": 269.182
}