{
  "AcquisitionDuration": 89.195,
  "AcquisitionMatrixPE": 112,
  "AcquisitionNumber": 1,
  "AcquisitionTime": "10:27:29.010000",
  "BaseResolution": 112,
  "BidsGuess": [
    "fmap",
    "_acq-fm2_phasediff"
],
  "BodyPartExamined": "BRAIN",
  "CoilCombinationMethod": "Sum of Squares",
  "CoilString": "8Tx32Rx_Head_C",
  "ConversionSoftware": "dcm2niix",
  "ConversionSoftwareVersion": "v1.0.20240202",
  "DeviceSerialNumber": "237203",
  "DwellTime": 4.9e-06,
  "EchoNumber": 2,
  "EchoTime": 0.00408,
  "EchoTime1": 0.00306,
  "EchoTime2": 0.00408,
  "FlipAngle": 25,
  "FrequencyEncodingSteps": 112,
  "HeudiconvVersion": "1.1.6",
  "ImageComments": "Not for diagnostic use",
  "ImageOrientationPatientDICOM": [0.999436, 0.0302684, -0.0145108, -0.0326308, 0.977471, -0.208532],
  "ImageType": [
    "ORIGINAL",
    "PRIMARY",
    "P",
    "NONE",
    "PHASE"
],
  "ImageTypeText": [
    "ORIGINAL",
    "PRIMARY",
    "P",
    "DIS3D",
    "DIS2D"
],
  "ImagingFrequency": 297.214337,
  "InPlanePhaseEncodingDirectionDICOM": "COL",
  "InstitutionAddress": " ,Geneve,,CH,",
  "InstitutionName": "Fondation Campus Biotech",
  "InstitutionalDepartmentName": "MRI Terra X",
  "MRAcquisitionType": "2D",
  "MTState": false,
  "MagneticFieldStrength": 7,
  "Manufacturer": "Siemens",
  "ManufacturersModelName": "MAGNETOM Terra.X",
  "MatrixCoilMode": "SENSE",
  "Modality": "MR",
  "NonlinearGradientCorrection": true,
  "PartialFourier": 1,
  "PatientPosition": "HFS",
  "PercentPhaseFOV": 100,
  "PercentSampling": 100,
  "PhaseEncodingDirection": "j-",
  "PhaseEncodingSteps": 112,
  "PhaseResolution": 1,
  "PixelBandwidth": 911,
  "ProcedureStepDescription": "RESEARCH F.Grouiller",
  "ProtocolName": "fmap-gre_acq-siemens_run-01",
  "PulseSequenceDetails": "%SiemensSeq%\\gre_field_mapping",
  "PulseSequenceName": "*fm2d2r",
  "ReceiveCoilActiveElements": "AC",
  "ReceiveCoilName": "8Tx32Rx_Head_C",
  "ReconMatrixPE": 112,
  "RepetitionTime": 0.4,
  "ScanningSequence": "GR",
  "SequenceVariant": "SP",
  "SeriesDescription": "fmap-gre_acq-siemens_run-01",
  "SeriesNumber": 17,
  "ShimSetting": [-387, -1541, 618, 248, 22, -44, 66, 152],
  "SliceThickness": 2.1,
  "SliceTiming": [0.2, 0, 0.2075, 0.0075, 0.2125, 0.0125, 0.2175, 0.0175, 0.225, 0.025, 0.23, 0.03, 0.235, 0.035, 0.24, 0.04, 0.2475, 0.0475, 0.2525, 0.0525, 0.2575, 0.0575, 0.265, 0.065, 0.27, 0.07, 0.275, 0.075, 0.28, 0.08, 0.2875, 0.0875, 0.2925, 0.0925, 0.2975, 0.0975, 0.305, 0.105, 0.31, 0.11, 0.315, 0.115, 0.32, 0.12, 0.3275, 0.1275, 0.3325, 0.1325, 0.3375, 0.1375, 0.345, 0.145, 0.35, 0.15, 0.355, 0.155, 0.36, 0.16, 0.3675, 0.1675, 0.3725, 0.1725, 0.3775, 0.1775, 0.3825, 0.185, 0.39, 0.19, 0.395, 0.195],
  "SoftwareVersions": "syngo MR XA60",
  "SpacingBetweenSlices": 2.1,
  "StationName": "AWP237203",
  "TxRefAmp": 279.594}